GEM
  remote: https://rubygems.org/
  specs:
    execjs (2.0.2)
    hike (1.2.3)
    json (1.8.1)
    multi_json (1.8.4)
    rack (1.5.2)
    sprockets (2.11.0)
      hike (~> 1.2)
      multi_json (~> 1.0)
      rack (~> 1.0)
      tilt (~> 1.1, != 1.3.0)
    tilt (1.4.1)
    uglifier (2.4.0)
      execjs (>= 0.3.0)
      json (>= 1.8.0)

PLATFORMS
  ruby

DEPENDENCIES
  sprockets
  uglifier
